PATH
  remote: .
  specs:
    ar_soft_delete (0.1.1)
      activerecord (>= 4.2, < 7)

GEM
  remote: https://rubygems.org/
  specs:
    activemodel (6.1.7.9)
      activesupport (= 6.1.7.9)
    activerecord (6.1.7.9)
      activemodel (= 6.1.7.9)
      activesupport (= 6.1.7.9)
    activesupport (6.1.7.9)
      concurrent-ruby (~> 1.0, >= 1.0.2)
      i18n (>= 1.6, < 2)
      minitest (>= 5.1)
      tzinfo (~> 2.0)
      zeitwerk (~> 2.3)
    concurrent-ruby (1.3.4)
    database_cleaner (1.99.0)
    diff-lcs (1.5.1)
    i18n (1.14.6)
      concurrent-ruby (~> 1.0)
    minitest (5.25.1)
    rake (12.3.3)
    rspec (3.13.0)
      rspec-core (~> 3.13.0)
      rspec-expectations (~> 3.13.0)
      rspec-mocks (~> 3.13.0)
    rspec-core (3.13.1)
      rspec-support (~> 3.13.0)
    rspec-expectations (3.13.3)
      diff-lcs (>= 1.2.0, < 2.0)
      rspec-support (~> 3.13.0)
    rspec-mocks (3.13.2)
      diff-lcs (>= 1.2.0, < 2.0)
      rspec-support (~> 3.13.0)
    rspec-support (3.13.1)
    sqlite3 (1.7.3-aarch64-linux)
    tzinfo (2.0.6)
      concurrent-ruby (~> 1.0)
    with_model (2.1.7)
      activerecord (>= 6.0)
    zeitwerk (2.6.18)

PLATFORMS
  aarch64-linux

DEPENDENCIES
  activerecord
  ar_soft_delete!
  bundler
  database_cleaner (~> 1.5)
  rake (~> 12.0)
  rspec (~> 3.0)
  sqlite3 (~> 1.4)
  with_model (~> 2.0)

BUNDLED WITH
   2.2.22
